NUGET
  remote: http://nuget.org/api/v2
  specs:
    ConfigMapper (0.0.6)
    EventStore.Client (3.0.1)
    FAKE (3.17.0)
    FSharp.Actor-logary (3.0.0)
      FSharp.Core (>= 3.1.2.1)
    FSharp.Core (3.1.2.1)
    FSharp.Data.SqlClient (1.5.10)
      Microsoft.SqlServer.Types (>= 11.0.0)
    FsPickler (1.0.11)
    Fuchu-suave (0.6.1)
      FSharp.Core (>= 3.1.2.1)
    Hawk (0.8.0)
      FSharp.Core (>= 3.1.2.1)
      NodaTime (>= 1.3.0)
    Hawk.Suave (0.8.0)
      FSharp.Core (>= 3.1.2.1)
      Hawk (>= 0.8.0)
      NodaTime (>= 1.3.0)
      Suave (>= 0.25.0)
    Intelliplan.Logary (2.5.1)
      FSharp.Actor-logary (>= 2.5.1)
      FSharp.Core (>= 3.1.2.1)
      Newtonsoft.Json (>= 6.0.8)
      Newtonsoft.Json.FSharp (>= 3.0.0)
      NodaTime (>= 1.3.0)
      NodaTime.Serialization.JsonNet (>= 1.3.0)
    Intelliplan.Logary.Suave (2.5.1)
      FSharp.Core (>= 3.1.2.1)
      Intelliplan.Logary (>= 2.5.1)
      NodaTime (>= 1.3.0)
      Suave (>= 0.24.0)
    Microsoft.SqlServer.Types (11.0.2)
    Newtonsoft.Json (6.0.8)
    Newtonsoft.Json.FSharp (3.1.2)
      FSharp.Core (>= 3.1.2.1)
      Newtonsoft.Json (>= 6.0.8)
      NodaTime (>= 1.3.0)
    NodaTime (1.3.0)
    NodaTime.Serialization.JsonNet (1.3.0)
      Newtonsoft.Json (>= 4.5.11)
      NodaTime (>= 1.3.0)
    RestSharp (105.0.1)
    Suave (0.25.0)
      FSharp.Core (>= 3.1.2.1)
      FsPickler (>= 1.0.7)
    Suave.Testing (0.25.0)
      Fuchu-suave (>= 0.6.1)
      Suave (>= 0.25.0)
    Unquote (2.2.2)
