NUGET
  remote: http://nuget.org/api/v2
  specs:
    ConfigMapper (0.0.6)
    EventStore.Client (3.0.1)
    FAKE (3.13.2)
    FSharp.Actor-logary (2.4.1)
      FSharp.Core (>= 3.1.2.1)
    FSharp.Core (3.1.2.1)
    FsPickler (1.0.6)
    FsPickler.Json (1.0.6)
      FsPickler (1.0.6)
      Newtonsoft.Json (>= 6.0.5)
    Fuchu-suave (0.6.1)
      FSharp.Core (>= 3.1.2.1)
    Intelliplan.JsonNet (2.3.3)
      FSharp.Core (>= 3.1.2.1)
      Newtonsoft.Json (>= 6.0.8)
    Intelliplan.Logary (2.4.1)
      FSharp.Actor-logary (>= 2.4.1)
      FSharp.Core (>= 3.1.2.1)
      Intelliplan.JsonNet (>= 2.3.3)
      Newtonsoft.Json (>= 6.0.8)
      NodaTime (>= 1.3.0)
      NodaTime.Serialization.JsonNet (>= 1.3.0)
    Intelliplan.Logary.Suave (2.4.1)
      FSharp.Core (>= 3.1.2.1)
      Intelliplan.Logary (>= 2.4.1)
      NodaTime (>= 1.3.0)
      Suave (>= 0.21.1)
    Newtonsoft.Json (6.0.8)
    NodaTime (1.3.0)
    NodaTime.Serialization.JsonNet (1.3.0)
      Newtonsoft.Json (>= 4.5.11)
      NodaTime (>= 1.3.0)
    Suave (0.21.1)
      FSharp.Core (>= 3.1.2.1)
      FsPickler (>= 1.0.6)
    Suave.Testing (0.21.0)
      FSharp.Core (>= 3.1.2.1)
      Fuchu-suave (>= 0.6.1)
      Suave (>= 0.21.0)
    Unquote (2.2.2)
