NUGET
  remote: http://nuget.org/api/v2
  specs:
    EventStore.Client (3.0.1)
    FAKE (3.13.2)
    FSharp.Actor-logary (2.3.2)
      FSharp.Core (>= 3.1.2.1)
    FSharp.Core (3.1.2.1)
    FsPickler (1.0.6)
    FsPickler.Json (1.0.6)
      FsPickler (1.0.6)
      Newtonsoft.Json (>= 6.0.5)
    FsUnit.xUnit (1.3.0.1)
      xunit (>= 1.9.1 <  3.0) - net20, >= net40, >= net45
    Intelliplan.JsonNet (2.2.0)
      FSharp.Core (>= 3.1.2.1)
      Newtonsoft.Json (>= 6.0.6)
    Intelliplan.JsonNet.NodaTime (2.2.0)
      FSharp.Core (>= 3.1.2.1)
      Newtonsoft.Json (>= 6.0.6)
      NodaTime (>= 1.3.0)
    Intelliplan.Logary (2.3.2)
      FSharp.Actor-logary (>= 2.3.2)
      FSharp.Core (>= 3.1.2.1)
      Intelliplan.JsonNet (>= 2.2.0)
      Intelliplan.JsonNet.NodaTime (>= 2.2.0)
      Newtonsoft.Json (>= 6.0.7)
      NodaTime (>= 1.3.0)
    Intelliplan.Logary.Suave (2.3.2)
      FSharp.Core (>= 3.1.2.1)
      Intelliplan.Logary (>= 2.3.2)
      NodaTime (>= 1.3.0)
      Suave (>= 0.21.0)
    Newtonsoft.Json (6.0.7)
    NodaTime (1.3.0)
    Suave (0.21.0)
      FSharp.Core (>= 3.1.2.1)
      FsPickler (>= 1.0.6)
    xunit (1.9.2)
    xunit.runners (2.0.0-beta5-build2785)
