NUGET
  remote: http://nuget.org/api/v2
  specs:
    EventStore.Client (3.0.1)
    FAKE (3.13.2)
    FSharp.Core (3.1.2.1)
    FsPickler (1.0.6)
    FsUnit.xUnit (1.3.0.1)
      xunit (>= 1.9.1 <  3.0) - net20, >= net40, >= net45
    Suave (0.21.0)
      FSharp.Core (>= 3.1.2.1)
      FsPickler (>= 1.0.6)
    xunit (1.9.2)
